GEM
  remote: https://rubygems.org/
  specs:
    activesupport (4.1.4)
      i18n (~> 0.6, >= 0.6.9)
      json (~> 1.7, >= 1.7.7)
      minitest (~> 5.1)
      thread_safe (~> 0.1)
      tzinfo (~> 1.1)
    celluloid (0.15.2)
      timers (~> 1.1.0)
    coderay (1.1.0)
    dock_test (0.1.0)
      json-schema
      multi_json
      rack
    ffi (1.9.3-java)
    formatador (0.2.5)
    guard (2.6.1)
      formatador (>= 0.2.4)
      listen (~> 2.7)
      lumberjack (~> 1.0)
      pry (>= 0.9.12)
      thor (>= 0.18.1)
    guard-jruby-minitest (0.1.7)
      guard (>= 0.10.0)
      guard-minitest (>= 2.3.0)
      minitest
      pry (~> 0.9.12)
      ruby_parser (>= 3.0)
    guard-minitest (2.3.1)
      guard (~> 2.0)
      minitest (>= 3.0)
    i18n (0.6.11)
    json (1.8.1-java)
    json-schema (2.2.4)
    listen (2.7.9)
      celluloid (>= 0.15.2)
      rb-fsevent (>= 0.9.3)
      rb-inotify (>= 0.9)
    lumberjack (1.0.9)
    method_source (0.8.2)
    minitest (5.4.0)
    multi_json (1.10.1)
    newark (0.0.7)
      activesupport
      rack (>= 1.5.2)
    pry (0.9.12.6-java)
      coderay (~> 1.0)
      method_source (~> 0.8)
      slop (~> 3.4)
      spoon (~> 0.0)
    rack (1.5.2)
    rake (10.3.2)
    rb-fsevent (0.9.4)
    rb-inotify (0.9.5)
      ffi (>= 0.5.0)
    ruby_parser (3.6.2)
      sexp_processor (~> 4.1)
    sexp_processor (4.4.3)
    slop (3.6.0)
    spoon (0.0.4)
      ffi
    terminal-notifier-guard (1.5.3)
    thor (0.19.1)
    thread_safe (0.3.4-java)
    timers (1.1.0)
    tzinfo (1.2.1)
      thread_safe (~> 0.1)

PLATFORMS
  java

DEPENDENCIES
  bundler
  dock_test (= 0.1.0)
  guard-jruby-minitest (= 0.1.7)
  multi_json
  newark
  rake
  terminal-notifier-guard
